PATH
  remote: .
  specs:
    specr (0.0.1.beta1)
      cucumber (~> 2.4.0)
      httparty (~> 0.18.0)
      json-schema (~> 2.6)
      rake (~> 10.0)
      test-unit

GEM
  remote: https://rubygems.org/
  specs:
    addressable (2.8.0)
      public_suffix (>= 2.0.2, < 5.0)
    ast (2.3.0)
    builder (3.2.4)
    byebug (9.0.5)
    coderay (1.1.1)
    cucumber (2.4.0)
      builder (>= 2.1.2)
      cucumber-core (~> 1.5.0)
      cucumber-wire (~> 0.0.1)
      diff-lcs (>= 1.1.3)
      gherkin (~> 4.0)
      multi_json (>= 1.7.5, < 2.0)
      multi_test (>= 0.1.2)
    cucumber-core (1.5.0)
      gherkin (~> 4.0)
    cucumber-wire (0.0.1)
    diff-lcs (1.3)
    gherkin (4.1.3)
    httparty (0.18.0)
      mime-types (~> 3.0)
      multi_xml (>= 0.5.2)
    json-schema (2.8.1)
      addressable (>= 2.4)
    method_source (0.8.2)
    mime-types (3.3.1)
      mime-types-data (~> 3.2015)
    mime-types-data (3.2019.1009)
    multi_json (1.14.1)
    multi_test (0.1.2)
    multi_xml (0.6.0)
    parser (2.3.1.2)
      ast (~> 2.2)
    power_assert (1.1.7)
    powerpack (0.1.1)
    pry (0.10.3)
      coderay (~> 1.1.0)
      method_source (~> 0.8.1)
      slop (~> 3.4)
    pry-byebug (3.4.0)
      byebug (~> 9.0)
      pry (~> 0.10)
    public_suffix (4.0.6)
    rainbow (2.1.0)
    rake (10.5.0)
    rubocop (0.40.0)
      parser (>= 2.3.1.0, < 3.0)
      powerpack (~> 0.1)
      rainbow (>= 1.99.1, < 3.0)
      ruby-progressbar (~> 1.7)
      unicode-display_width (~> 1.0, >= 1.0.1)
    ruby-progressbar (1.8.1)
    slop (3.6.0)
    test-unit (3.3.5)
      power_assert
    unicode-display_width (1.0.5)

PLATFORMS
  ruby

DEPENDENCIES
  bundler (~> 1.10)
  pry-byebug
  rubocop (~> 0.40.0)
  specr!

BUNDLED WITH
   1.17.2
